GEM
  remote: http://rubygems.org/
  specs:
    builder (3.0.0)
    configuration (1.3.1)
    heroku (2.3.3)
      launchy (>= 0.3.2)
      rest-client (~> 1.6.1)
      term-ansicolor (~> 1.0.5)
    hpricot (0.8.4)
    launchy (0.4.0)
      configuration (>= 0.0.5)
      rake (>= 0.8.1)
    maruku (0.6.0)
      syntax (>= 1.0.0)
    mime-types (1.16)
    rack (1.3.0)
    rake (0.9.2)
    rdiscount (1.6.8)
    rest-client (1.6.3)
      mime-types (>= 1.16)
    ruby-slippers (0.0.1)
      builder
      builder
      hpricot
      maruku
      rack
      rack
      rake
      rdiscount
      rdiscount
    sequel (3.20.0)
    shotgun (0.9)
      rack (>= 1.0)
    sinatra (1.0)
      rack (>= 1.0)
    sqlite3 (1.3.3)
    sqlite3-ruby (1.3.3)
      sqlite3 (>= 1.3.3)
    syntax (1.0.0)
    taps (0.3.23)
      rack (>= 1.0.1)
      rest-client (< 1.7.0, >= 1.4.0)
      sequel (~> 3.20.0)
      sinatra (~> 1.0.0)
      sqlite3-ruby (~> 1.2)
    term-ansicolor (1.0.5)

PLATFORMS
  ruby

DEPENDENCIES
  heroku
  ruby-slippers (~> 0.0.1)
  shotgun
  taps
