GEM
  remote: http://rubygems.org/
  specs:
    builder (3.0.0)
    chunky_png (1.2.1)
    compass (0.11.5)
      chunky_png (~> 1.2)
      fssm (>= 0.2.7)
      sass (~> 3.1)
    configuration (1.3.1)
    fssm (0.2.7)
    git (1.2.5)
    guard (0.4.2)
      thor (~> 0.14.6)
    guard-bundler (0.1.3)
      bundler (>= 1.0.0)
      guard (>= 0.2.2)
    guard-test (0.3.0)
      guard (>= 0.2.2)
      test-unit (~> 2.2)
    haml (3.1.2)
    heroku (2.3.3)
      launchy (>= 0.3.2)
      rest-client (~> 1.6.1)
      term-ansicolor (~> 1.0.5)
    hpricot (0.8.4)
    jeweler (1.6.2)
      bundler (~> 1.0)
      git (>= 1.2.5)
      rake
    launchy (0.4.0)
      configuration (>= 0.0.5)
      rake (>= 0.8.1)
    maruku (0.6.0)
      syntax (>= 1.0.0)
    mime-types (1.16)
    rack (1.3.0)
    rake (0.9.2)
    rdiscount (1.6.8)
    rest-client (1.6.3)
      mime-types (>= 1.16)
    riot (0.12.4)
      rr
    rr (1.0.2)
    ruby_slippers (0.2.15)
      builder
      builder
      hpricot
      maruku
      rack
      rack
      rake
      rdiscount
      rdiscount
    sass (3.1.7)
    sequel (3.20.0)
    shotgun (0.9)
      rack (>= 1.0)
    sinatra (1.0)
      rack (>= 1.0)
    sqlite3 (1.3.3)
    sqlite3-ruby (1.3.3)
      sqlite3 (>= 1.3.3)
    syntax (1.0.0)
    taps (0.3.23)
      rack (>= 1.0.1)
      rest-client (< 1.7.0, >= 1.4.0)
      sequel (~> 3.20.0)
      sinatra (~> 1.0.0)
      sqlite3-ruby (~> 1.2)
    term-ansicolor (1.0.5)
    test-unit (2.3.0)
    thor (0.14.6)

PLATFORMS
  ruby

DEPENDENCIES
  compass
  guard
  guard-bundler
  guard-test
  haml
  heroku
  jeweler
  riot
  ruby_slippers (= 0.2.15)
  shotgun
  taps
